GEM
  remote: http://rubygems.org/
  specs:
    activemodel (4.1.5)
      activesupport (= 4.1.5)
      builder (~> 3.1)
    activesupport (4.1.5)
      i18n (~> 0.6, >= 0.6.9)
      json (~> 1.7, >= 1.7.7)
      minitest (~> 5.1)
      thread_safe (~> 0.1)
      tzinfo (~> 1.1)
    awesome_print (1.2.0)
    backports (3.6.0)
    bcrypt (3.1.7)
    bson (2.3.0)
    builder (3.2.2)
    connection_pool (2.0.0)
    daemons (1.1.9)
    eventmachine (1.0.3)
    haml (4.0.5)
      tilt
    i18n (0.6.11)
    icalendar (2.1.1)
    json (1.8.1)
    kgio (2.9.2)
    mime-types (1.25.1)
    mini_portile (0.6.0)
    minitest (5.4.0)
    mongoid (4.0.0)
      activemodel (~> 4.0)
      moped (~> 2.0.0)
      origin (~> 2.1)
      tzinfo (>= 0.3.37)
    moped (2.0.0)
      bson (~> 2.2)
      connection_pool (~> 2.0)
      optionable (~> 0.2.0)
    multi_json (1.10.1)
    newrelic_rpm (3.9.1.236)
    nokogiri (1.6.3.1)
      mini_portile (= 0.6.0)
    optionable (0.2.0)
    origin (2.1.1)
    protected_attributes (1.0.8)
      activemodel (>= 4.0.1, < 5.0)
    rack (1.5.2)
    rack-mobile-detect (0.4.0)
      rack
    rack-protection (1.5.3)
      rack
    rack-test (0.6.2)
      rack (>= 1.0)
    raindrops (0.13.0)
    rdoc (4.1.0)
    rest-client (1.6.8.rc1)
      mime-types (~> 1.16)
      rdoc (>= 2.4.2)
    sass (3.4.0)
    sinatra (1.4.5)
      rack (~> 1.4)
      rack-protection (~> 1.4)
      tilt (~> 1.3, >= 1.3.4)
    sinatra-contrib (1.4.2)
      backports (>= 2.0)
      multi_json
      rack-protection
      rack-test
      sinatra (~> 1.4.0)
      tilt (~> 1.3)
    thin (1.6.2)
      daemons (>= 1.0.9)
      eventmachine (>= 1.0.0)
      rack (>= 1.0.0)
    thread_safe (0.3.4)
    tilt (1.4.1)
    tzinfo (1.2.2)
      thread_safe (~> 0.1)
    unicorn (4.8.3)
      kgio (~> 2.6)
      rack
      raindrops (~> 0.7)

PLATFORMS
  ruby

DEPENDENCIES
  awesome_print
  bcrypt
  haml
  icalendar
  mongoid
  newrelic_rpm
  nokogiri
  protected_attributes
  rack
  rack-mobile-detect
  rest-client
  sass
  sinatra
  sinatra-contrib
  thin
  unicorn
